GEM
  remote: https://rubygems.org/
  specs:
    builder (3.2.2)
    childprocess (0.3.9)
      ffi (~> 1.0, >= 1.0.11)
    cucumber (1.3.10)
      builder (>= 2.1.2)
      diff-lcs (>= 1.1.3)
      gherkin (~> 2.12)
      multi_json (>= 1.7.5, < 2.0)
      multi_test (>= 0.0.2)
    data_magic (0.17)
      faker (>= 1.1.2)
      yml_reader (>= 0.2)
    diff-lcs (1.2.5)
    faker (1.2.0)
      i18n (~> 0.5)
    ffi (1.3.0-x86-mingw32)
    gherkin (2.12.2-x86-mingw32)
      multi_json (~> 1.3)
    i18n (0.6.9)
    mohawk (0.1.0)
      childprocess (~> 0.3.9)
      page_navigation (>= 0.7)
      rautomation (~> 0.13)
      require_all
    multi_json (1.8.4)
    multi_test (0.0.3)
    page_navigation (0.9)
      data_magic (>= 0.14)
    rautomation (0.13.0)
      ffi
    require_all (1.3.2)
    rspec-expectations (2.14.4)
      diff-lcs (>= 1.1.3, < 2.0)
    yml_reader (0.2)

PLATFORMS
  x86-mingw32

DEPENDENCIES
  cucumber
  ffi (= 1.3.0)
  mohawk
  rspec-expectations
